PATH
  remote: .
  specs:
    citizn (0.1.0)

GEM
  remote: https://rubygems.org/
  specs:
    diplomat (2.0.2)
      faraday (~> 0.9)
      json
    faraday (0.14.0)
      multipart-post (>= 1.2, < 3)
    json (2.1.0)
    minitest (5.11.3)
    multipart-post (2.0.0)
    rake (10.5.0)

PLATFORMS
  ruby

DEPENDENCIES
  bundler (~> 1.16)
  citizn!
  diplomat
  minitest (~> 5.0)
  rake (~> 10.0)

BUNDLED WITH
   1.16.0
